GEM
  remote: https://rubygems.org/
  specs:
    byebug (11.1.3)
    colsole (0.7.2)
    docopt (0.6.1)
    httpme (0.1.6)
      colsole (~> 0.7)
      mister_bin (~> 0.7)
      puma (~> 5.1)
      rack (~> 2.2)
    mister_bin (0.7.1)
      colsole (~> 0.5)
      docopt (~> 0.6)
    nio4r (2.5.8)
    puma (5.6.5)
      nio4r (~> 2.0)
    rack (2.2.6.2)
    runfile (0.12.0)
      docopt (~> 0.5)
    slim (4.1.0)
      temple (>= 0.7.6, < 0.9)
      tilt (>= 2.0.6, < 2.1)
    temple (0.8.2)
    tilt (2.0.11)

PLATFORMS
  x86_64-linux

DEPENDENCIES
  byebug
  httpme
  runfile
  slim

BUNDLED WITH
   2.3.11
