GEM
  remote: https://rubygems.org/
  specs:
    byebug (11.1.3)
    colsole (0.7.2)
    docopt (0.6.1)
    runfile (0.11.2)
      colsole (~> 0.5)
      docopt (~> 0.5)
    slim (4.1.0)
      temple (>= 0.7.6, < 0.9)
      tilt (>= 2.0.6, < 2.1)
    temple (0.8.2)
    tilt (2.0.10)

PLATFORMS
  x86_64-linux

DEPENDENCIES
  byebug
  runfile
  slim

BUNDLED WITH
   2.2.3
