GEM
  remote: https://rubygems.org/
  specs:
    base64 (0.2.0)
    byebug (11.1.3)
    colsole (1.0.0)
    docopt_ng (0.7.1)
    gtx (0.1.0)
    httpme (0.2.1)
      colsole (>= 0.8.1, < 2)
      mister_bin (~> 0.7)
      puma (>= 5.6, < 7.0)
      rack-contrib (~> 2.3)
      sinatra (~> 3.0)
    lp (0.2.1)
    mister_bin (0.7.6)
      colsole (>= 0.8.1, < 2)
      docopt_ng (~> 0.7, >= 0.7.1)
    mustermann (3.0.0)
      ruby2_keywords (~> 0.0.1)
    nio4r (2.7.0)
    puma (6.4.2)
      nio4r (~> 2.0)
    rack (2.2.8)
    rack-contrib (2.4.0)
      rack (< 4)
    rack-protection (3.2.0)
      base64 (>= 0.1.0)
      rack (~> 2.2, >= 2.2.4)
    requires (1.0.1)
    ruby2_keywords (0.0.5)
    runfile (1.0.2)
      colsole (>= 0.8.2, < 2.0)
      docopt_ng (~> 0.7, >= 0.7.1)
      gtx (~> 0.1)
      requires (>= 0.2, < 2.0)
    sinatra (3.2.0)
      mustermann (~> 3.0)
      rack (~> 2.2, >= 2.2.4)
      rack-protection (= 3.2.0)
      tilt (~> 2.0)
    slim (5.2.0)
      temple (~> 0.10.0)
      tilt (>= 2.1.0)
    temple (0.10.3)
    tilt (2.3.0)

PLATFORMS
  x86_64-linux

DEPENDENCIES
  byebug
  httpme
  lp
  runfile
  slim

BUNDLED WITH
   2.5.3
