GEM
  remote: https://rubygems.org/
  specs:
    byebug (11.1.3)
    colsole (0.7.2)
    docopt (0.6.1)
    httpme (0.2.0)
      colsole (~> 0.7)
      mister_bin (~> 0.7)
      puma (~> 6.0)
      rack-contrib (~> 2.3)
      sinatra (~> 3.0)
    mister_bin (0.7.3)
      colsole (~> 0.7)
      docopt (~> 0.6)
    mustermann (3.0.0)
      ruby2_keywords (~> 0.0.1)
    nio4r (2.5.8)
    puma (6.0.2)
      nio4r (~> 2.0)
    rack (2.2.6.2)
    rack-contrib (2.3.0)
      rack (~> 2.0)
    rack-protection (3.0.5)
      rack
    ruby2_keywords (0.0.5)
    runfile (0.12.0)
      docopt (~> 0.5)
    sinatra (3.0.5)
      mustermann (~> 3.0)
      rack (~> 2.2, >= 2.2.4)
      rack-protection (= 3.0.5)
      tilt (~> 2.0)
    slim (4.1.0)
      temple (>= 0.7.6, < 0.9)
      tilt (>= 2.0.6, < 2.1)
    temple (0.8.2)
    tilt (2.0.11)

PLATFORMS
  x86_64-linux

DEPENDENCIES
  byebug
  httpme
  runfile
  slim

BUNDLED WITH
   2.4.3
